GEM
  remote: https://rubygems.org/
  specs:
    activesupport (4.2.3)
      i18n (~> 0.7)
      json (~> 1.7, >= 1.7.7)
      minitest (~> 5.1)
      thread_safe (~> 0.3, >= 0.3.4)
      tzinfo (~> 1.1)
    awesome_print (1.6.1)
    childprocess (0.5.6)
      ffi (~> 1.0, >= 1.0.11)
    colorize (0.7.7)
    diffy (3.0.7)
    domain_name (0.5.24)
      unf (>= 0.0.5, < 1.0.0)
    facets (3.0.0)
    faker (1.4.3)
      i18n (~> 0.5)
    ffi (1.9.10)
    gmail (0.5.0)
      gmail_xoauth (>= 0.3.0)
      mail (>= 2.2.1)
    gmail_xoauth (0.4.1)
      oauth (>= 0.3.6)
    hashdiff (0.2.2)
    highline (1.7.2)
    http-cookie (1.0.2)
      domain_name (~> 0.5)
    i18n (0.7.0)
    json (1.8.3)
    mail (2.6.3)
      mime-types (>= 1.16, < 3)
    mime-types (2.6.1)
    mini_portile (0.6.2)
    minitest (5.7.0)
    multi_json (1.11.1)
    net-ssh (2.9.2)
    netrc (0.10.3)
    nokogiri (1.6.6.2)
      mini_portile (~> 0.6.0)
    oauth (0.4.7)
    rest-client (1.8.0)
      http-cookie (>= 1.0.2, < 2.0)
      mime-types (>= 1.16, < 3.0)
      netrc (~> 0.7)
    rmagick (2.15.2)
    rubyzip (1.1.7)
    selenium-webdriver (2.45.0)
      childprocess (~> 0.5)
      multi_json (~> 1.0)
      rubyzip (~> 1.0)
      websocket (~> 1.0)
    thread_safe (0.3.5)
    time_diff (0.3.0)
      activesupport
      i18n
    tzinfo (1.2.2)
      thread_safe (~> 0.1)
    unf (0.1.4)
      unf_ext
    unf_ext (0.0.7.1)
    watir-nokogiri (1.0.0)
      nokogiri
    watir-webdriver (0.7.0)
      selenium-webdriver (>= 2.45)
    watir-webdriver-performance (0.2.4)
      watir-webdriver
    webdriver-user-agent (7.2)
      facets
      json
      selenium-webdriver
    websocket (1.2.2)

PLATFORMS
  ruby

DEPENDENCIES
  awesome_print (~> 1.6.1)
  colorize (~> 0.7.7)
  diffy (~> 3.0.7)
  faker (~> 1.4.3)
  gmail (~> 0.5.0)
  hashdiff (~> 0.2.2)
  highline (~> 1.7.2)
  net-ssh (~> 2.9.2)
  nokogiri (~> 1.6.6.2)
  rest-client (~> 1.8.0)
  rmagick
  selenium-webdriver (~> 2.45.0)
  time_diff (~> 0.3.0)
  watir-nokogiri (~> 1.0.0)
  watir-webdriver (~> 0.7.0)
  watir-webdriver-performance (~> 0.2.4)
  webdriver-user-agent (~> 7.2)
